GEM
  remote: https://rubygems.org/
  specs:
    graphql (1.6.8)

PLATFORMS
  ruby

DEPENDENCIES
  graphql

BUNDLED WITH
   1.16.0.pre.2
